GEM
  remote: https://rubygems.org/
  specs:
    CFPropertyList (2.2.4)
    ansi (1.4.3)
    builder (3.2.2)
    hashie (2.0.5)
    kramdown (1.3.0)
    minitest (5.0.8)
    minitest-reporters (1.0.0)
      ansi
      builder
      minitest (>= 5.0)
      powerbar
    minitest-stub-const (0.1)
    mustache (0.99.5)
    powerbar (1.0.11)
      ansi (~> 1.4.0)
      hashie (>= 1.1.0)
    rake (12.3.3)
    version (1.0.0)
    yard (0.8.7.3)

PLATFORMS
  ruby

DEPENDENCIES
  CFPropertyList (~> 2.2)
  kramdown (~> 1.3)
  minitest (~> 5.0)
  minitest-reporters (~> 1.0.0)
  minitest-stub-const (~> 0.1)
  mustache (~> 0.99.5)
  rake (~> 12.3)
  version (~> 1.0)
  yard (~> 0.8)
